GEM
  remote: https://rubygems.org/
  specs:
    bson (4.2.1)
    byebug (6.0.2)
    diff-lcs (1.2.5)
    mongo (2.2.7)
      bson (~> 4.0)
    rspec (3.3.0)
      rspec-core (~> 3.3.0)
      rspec-expectations (~> 3.3.0)
      rspec-mocks (~> 3.3.0)
    rspec-core (3.3.2)
      rspec-support (~> 3.3.0)
    rspec-expectations (3.3.1)
      diff-lcs (>= 1.2.0, < 2.0)
      rspec-support (~> 3.3.0)
    rspec-mocks (3.3.2)
      diff-lcs (>= 1.2.0, < 2.0)
      rspec-support (~> 3.3.0)
    rspec-support (3.3.0)
    yard (0.8.7.6)

PLATFORMS
  ruby

DEPENDENCIES
  byebug
  mongo (~> 2.2.0)
  rspec
  yard

RUBY VERSION
   ruby 2.3.3p222

BUNDLED WITH
   1.13.7
